GEM
  remote: https://rubygems.org/
  specs:
    coderay (1.1.3)
    method_source (1.0.0)
    pry (0.14.1)
      coderay (~> 1.1)
      method_source (~> 1.0)
    thor (0.19.4)

PLATFORMS
  ruby

DEPENDENCIES
  pry
  thor (~> 0.19.1)

BUNDLED WITH
   1.17.2
